GEM
  remote: https://rubygems.org/
  specs:
    jekyll-foundation (0.0.1)

PLATFORMS
  ruby

DEPENDENCIES
  jekyll-foundation
